GEM
  remote: http://rubygems.org/
  specs:
    diff-lcs (1.1.3)
    faker (1.0.1)
      i18n (~> 0.4)
    i18n (0.6.0)
    rake (12.3.3)
    rspec (2.9.0)
      rspec-core (~> 2.9.0)
      rspec-expectations (~> 2.9.0)
      rspec-mocks (~> 2.9.0)
    rspec-core (2.9.0)
    rspec-expectations (2.9.1)
      diff-lcs (~> 1.1.3)
    rspec-mocks (2.9.0)

PLATFORMS
  ruby

DEPENDENCIES
  faker
  rake (~> 12.3.3)
  rspec
